GEM
  remote: http://rubygems.org/
  specs:
    guard (1.4.0)
      listen (>= 0.4.2)
      thor (>= 0.14.6)
    guard-shell (0.5.1)
      guard (>= 1.1.0)
    listen (0.7.3)
    rb-fsevent (0.9.3)
    rb-readline (0.4.2)
    ruby_gntp (0.3.4)
    thor (0.17.0)

PLATFORMS
  ruby

DEPENDENCIES
  guard (= 1.4.0)
  guard-shell
  rb-fsevent
  rb-readline
  ruby_gntp
